PATH
  remote: .
  specs:
    data_graph (1.0.1)
      activerecord (~> 3.1)
      composite_primary_keys (~> 4.0)

GEM
  remote: http://rubygems.org/
  specs:
    activemodel (3.1.1)
      activesupport (= 3.1.1)
      builder (~> 3.0.0)
      i18n (~> 0.6)
    activerecord (3.1.1)
      activemodel (= 3.1.1)
      activesupport (= 3.1.1)
      arel (~> 2.2.1)
      tzinfo (~> 0.3.29)
    activesupport (3.1.1)
      multi_json (~> 1.0)
    arel (2.2.1)
    builder (3.0.0)
    composite_primary_keys (4.0.0)
      activerecord (~> 3.1.0)
    i18n (0.6.0)
    multi_json (1.0.3)
    rake (0.9.0)
    rcov (0.9.11)
    sqlite3 (1.3.4)
    tzinfo (0.3.30)

PLATFORMS
  ruby

DEPENDENCIES
  bundler (~> 1.0)
  data_graph!
  rake (~> 0.9)
  rcov (~> 0.9)
  sqlite3 (~> 1.3)
